GEM
  remote: https://rubygems.org/
  specs:
    ast (2.4.0)
    axiom-types (0.1.1)
      descendants_tracker (~> 0.0.4)
      ice_nine (~> 0.11.0)
      thread_safe (~> 0.3, >= 0.3.1)
    byebug (10.0.2)
    codeclimate-engine-rb (0.4.1)
      virtus (~> 1.0)
    coderay (1.1.2)
    coercible (1.0.0)
      descendants_tracker (~> 0.0.1)
    descendants_tracker (0.0.4)
      thread_safe (~> 0.3, >= 0.3.1)
    diff-lcs (1.3)
    equalizer (0.0.11)
    ice_nine (0.11.2)
    method_source (0.9.0)
    parallel (1.12.1)
    parser (2.5.1.0)
      ast (~> 2.4.0)
    powerpack (0.1.1)
    pry (0.11.3)
      coderay (~> 1.1.0)
      method_source (~> 0.9.0)
    pry-byebug (3.6.0)
      byebug (~> 10.0)
      pry (~> 0.10)
    rainbow (3.0.0)
    reek (4.8.1)
      codeclimate-engine-rb (~> 0.4.0)
      parser (>= 2.5.0.0, < 2.6)
      rainbow (>= 2.0, < 4.0)
    rspec (3.7.0)
      rspec-core (~> 3.7.0)
      rspec-expectations (~> 3.7.0)
      rspec-mocks (~> 3.7.0)
    rspec-core (3.7.1)
      rspec-support (~> 3.7.0)
    rspec-expectations (3.7.0)
      diff-lcs (>= 1.2.0, < 2.0)
      rspec-support (~> 3.7.0)
    rspec-mocks (3.7.0)
      diff-lcs (>= 1.2.0, < 2.0)
      rspec-support (~> 3.7.0)
    rspec-support (3.7.1)
    rubocop (0.56.0)
      parallel (~> 1.10)
      parser (>= 2.5)
      powerpack (~> 0.1)
      rainbow (>= 2.2.2, < 4.0)
      ruby-progressbar (~> 1.7)
      unicode-display_width (~> 1.0, >= 1.0.1)
    ruby-progressbar (1.9.0)
    thread_safe (0.3.6)
    unicode-display_width (1.3.3)
    virtus (1.0.5)
      axiom-types (~> 0.1)
      coercible (~> 1.0)
      descendants_tracker (~> 0.0, >= 0.0.3)
      equalizer (~> 0.0, >= 0.0.9)

PLATFORMS
  ruby

DEPENDENCIES
  pry-byebug
  reek
  rspec
  rubocop

BUNDLED WITH
   1.16.1
